GEM
  remote: http://rubygems.org/
  specs:
    andand (1.3.1)
    builder (3.0.0)
    json_pure (1.5.1)
    mime-types (1.16)
    nokogiri (1.4.4)
    pg (0.10.1)
    rack (1.2.1)
    rack-flash (0.1.1)
      rack
    rack-openid (1.2.0)
      rack (>= 1.1.0)
      ruby-openid (>= 2.1.8)
    rest-client (1.6.1)
      mime-types (>= 1.16)
    ruby-openid (2.1.8)
    sequel (3.20.0)
    sinatra (1.1.2)
      rack (~> 1.1)
      tilt (~> 1.2)
    sinatra-sequel (0.9.0)
      sequel (>= 3.2.0)
      sinatra (>= 0.9.4)
    tilt (1.2.2)
    tzinfo (0.3.24)

PLATFORMS
  ruby

DEPENDENCIES
  andand (= 1.3.1)
  builder (= 3.0.0)
  json_pure (= 1.5.1)
  nokogiri (= 1.4.4)
  pg
  rack-flash (= 0.1.1)
  rack-openid (= 1.2.0)
  rest-client (= 1.6.1)
  sequel (= 3.20.0)
  sinatra (= 1.1.2)
  sinatra-sequel (= 0.9.0)
  tzinfo (= 0.3.24)
