GEM
  remote: https://rubygems.org/
  specs:
    addressable (2.3.5)
    andand (1.3.3)
    builder (3.2.2)
    curb (0.8.5)
    feedzirra (0.3.0)
      curb (~> 0.8.1)
      loofah (~> 1.2.1)
      nokogiri (~> 1.6.0)
      sax-machine (~> 0.2.1)
    loofah (1.2.1)
      nokogiri (>= 1.4.4)
    mini_portile (0.5.2)
    nokogiri (1.6.0)
      mini_portile (~> 0.5.0)
    pg (0.17.0)
    rack (1.5.2)
    rack-flash3 (1.0.5)
      rack
    rack-protection (1.5.1)
      rack
    sax-machine (0.2.1)
      nokogiri (~> 1.6.0)
    sequel (4.4.0)
    sinatra (1.4.4)
      rack (~> 1.4)
      rack-protection (~> 1.4)
      tilt (~> 1.3, >= 1.3.4)
    tilt (1.4.1)
    tzinfo (0.3.38)

PLATFORMS
  ruby

DEPENDENCIES
  addressable (= 2.3.5)
  andand (= 1.3.3)
  builder (= 3.2.2)
  feedzirra (= 0.3.0)
  nokogiri (= 1.6.0)
  pg
  rack-flash3 (= 1.0.5)
  sequel (= 4.4.0)
  sinatra (= 1.4.4)
  tzinfo (= 0.3.38)
