GEM
  remote: http://rubygems.org/
  specs:
    activesupport (3.1.8)
      multi_json (>= 1.0, < 1.3)
    addressable (2.3.2)
    andand (1.3.1)
    builder (3.1.3)
    curb (0.7.18)
    feedzirra (0.1.3)
      activesupport (~> 3.1.1)
      builder (>= 2.1.2)
      curb (~> 0.7.15)
      i18n (>= 0.5.0)
      loofah (~> 1.2.0)
      nokogiri (>= 1.4.4)
      rake (>= 0.8.7)
      rdoc (~> 3.8)
      sax-machine (~> 0.1.0)
    i18n (0.6.1)
    json (1.7.5)
    json_pure (1.5.3)
    loofah (1.2.1)
      nokogiri (>= 1.4.4)
    multi_json (1.2.0)
    nokogiri (1.5.5)
    pg (0.14.1)
    rack (1.4.1)
    rack-flash3 (1.0.1)
      rack
      rack
    rack-openid (1.3.1)
      rack (>= 1.1.0)
      ruby-openid (>= 2.1.8)
    rack-protection (1.2.0)
      rack
    rake (0.9.2.2)
    rdoc (3.12)
      json (~> 1.4)
    ruby-openid (2.2.0)
    sax-machine (0.1.0)
      nokogiri (> 0.0.0)
    sequel (3.39.0)
    sinatra (1.3.3)
      rack (~> 1.3, >= 1.3.6)
      rack-protection (~> 1.2)
      tilt (~> 1.3, >= 1.3.3)
    sinatra-sequel (0.9.0)
      sequel (>= 3.2.0)
      sinatra (>= 0.9.4)
    tilt (1.3.3)
    tzinfo (0.3.33)

PLATFORMS
  ruby

DEPENDENCIES
  addressable (= 2.3.2)
  andand (= 1.3.1)
  builder (= 3.1.3)
  feedzirra (= 0.1.3)
  i18n (= 0.6.1)
  json_pure (= 1.5.3)
  nokogiri (= 1.5.5)
  pg
  rack-flash3 (= 1.0.1)
  rack-openid (= 1.3.1)
  sequel (= 3.39.0)
  sinatra (= 1.3.3)
  sinatra-sequel (= 0.9.0)
  tzinfo (= 0.3.33)
