GEM
  remote: https://rubygems.org/
  specs:
    addressable (2.3.8)
    andand (1.3.3)
    builder (3.2.2)
    faraday (0.9.2)
      multipart-post (>= 1.2, < 3)
    faraday_middleware (0.10.0)
      faraday (>= 0.7.4, < 0.10)
    feedjira (2.0.0)
      faraday (~> 0.9)
      faraday_middleware (~> 0.9)
      loofah (~> 2.0)
      sax-machine (~> 1.0)
    foreman (0.78.0)
      thor (~> 0.19.1)
    kgio (2.10.0)
    loofah (2.0.3)
      nokogiri (>= 1.5.9)
    mini_portile (0.6.2)
    multipart-post (2.0.0)
    nokogiri (1.6.6.4)
      mini_portile (~> 0.6.0)
    pg (0.18.4)
    rack (1.6.4)
    rack-flash3 (1.0.5)
      rack
    rack-protection (1.5.3)
      rack
    raindrops (0.15.0)
    sax-machine (1.3.2)
    sequel (4.28.0)
    sinatra (1.4.6)
      rack (~> 1.4)
      rack-protection (~> 1.4)
      tilt (>= 1.3, < 3)
    thor (0.19.1)
    thread_safe (0.3.5)
    tilt (2.0.1)
    tzinfo (1.2.2)
      thread_safe (~> 0.1)
    unicorn (5.0.1)
      kgio (~> 2.6)
      rack
      raindrops (~> 0.7)

PLATFORMS
  ruby

DEPENDENCIES
  addressable (~> 2.3.8)
  andand (~> 1.3.3)
  builder (~> 3.2.2)
  feedjira (~> 2.0.0)
  foreman
  nokogiri (~> 1.6.6.4)
  pg
  rack-flash3 (~> 1.0.5)
  sequel (~> 4.28.0)
  sinatra (~> 1.4.6)
  tzinfo (~> 1.2.2)
  unicorn

BUNDLED WITH
   1.10.4
