GIT
  remote: git://github.com/pauldix/feedzirra.git
  revision: 07fd6aaeec0967ef7bb027840e0d21f08a0c7684
  specs:
    feedzirra (0.0.24)
      activesupport (>= 2.3.8)
      builder (>= 2.1.2)
      curb (>= 0.2.3)
      loofah (>= 0.3.1)
      nokogiri (> 0.0.0)
      sax-machine (>= 0.0.12)

GEM
  remote: http://rubygems.org/
  specs:
    activesupport (3.0.9)
    addressable (2.2.6)
    andand (1.3.1)
    builder (3.0.0)
    curb (0.7.15)
    i18n (0.6.0)
    json_pure (1.5.3)
    loofah (1.0.0)
      nokogiri (>= 1.3.3)
    nokogiri (1.4.6)
    pg (0.11.0)
    rack (1.3.0)
    rack-flash (0.1.1)
      rack
    rack-openid (1.3.1)
      rack (>= 1.1.0)
      ruby-openid (>= 2.1.8)
    ruby-openid (2.1.8)
    sax-machine (0.0.16)
      nokogiri (> 0.0.0)
    sequel (3.24.1)
    sinatra (1.2.6)
      rack (~> 1.1)
      tilt (< 2.0, >= 1.2.2)
    sinatra-sequel (0.9.0)
      sequel (>= 3.2.0)
      sinatra (>= 0.9.4)
    tilt (1.3.2)
    tzinfo (0.3.28)

PLATFORMS
  ruby

DEPENDENCIES
  addressable (= 2.2.6)
  andand (= 1.3.1)
  builder (= 3.0.0)
  feedzirra!
  i18n (= 0.6.0)
  json_pure (= 1.5.3)
  nokogiri (= 1.4.6)
  pg
  rack-flash (= 0.1.1)
  rack-openid (= 1.3.1)
  sequel (= 3.24.1)
  sinatra (= 1.2.6)
  sinatra-sequel (= 0.9.0)
  tzinfo (= 0.3.28)
