GEM
  remote: https://rubygems.org/
  specs:
    activesupport (3.1.10)
      multi_json (>= 1.0, < 1.3)
    addressable (2.3.2)
    andand (1.3.1)
    bacon (1.2.0)
    builder (3.1.3)
    curb (0.7.18)
    feedzirra (0.1.3)
      activesupport (~> 3.1.1)
      builder (>= 2.1.2)
      curb (~> 0.7.15)
      i18n (>= 0.5.0)
      loofah (~> 1.2.0)
      nokogiri (>= 1.4.4)
      rake (>= 0.8.7)
      rdoc (~> 3.8)
      sax-machine (~> 0.1.0)
    i18n (0.6.1)
    json (1.7.6)
    json_pure (1.7.6)
    loofah (1.2.1)
      nokogiri (>= 1.4.4)
    multi_json (1.2.0)
    nokogiri (1.5.6)
    pg (0.14.1)
    rack (1.5.0)
    rack-flash3 (1.0.3)
      rack
    rack-protection (1.3.2)
      rack
    rake (10.0.3)
    rdoc (3.12)
      json (~> 1.4)
    sax-machine (0.1.0)
      nokogiri (> 0.0.0)
    sequel (3.42.0)
    sinatra (1.3.4)
      rack (~> 1.4)
      rack-protection (~> 1.3)
      tilt (~> 1.3, >= 1.3.3)
    sinatra-sequel (0.9.0)
      bacon
      sequel (>= 3.2.0)
      sinatra (>= 0.9.4)
    tilt (1.3.3)
    tzinfo (0.3.35)

PLATFORMS
  ruby

DEPENDENCIES
  addressable (= 2.3.2)
  andand (= 1.3.1)
  builder (= 3.1.3)
  feedzirra (= 0.1.3)
  i18n (= 0.6.1)
  json_pure (= 1.7.6)
  nokogiri (= 1.5.6)
  pg
  rack-flash3 (= 1.0.3)
  sequel (= 3.42.0)
  sinatra (= 1.3.4)
  sinatra-sequel (= 0.9.0)
  tzinfo (= 0.3.35)
